GEM
  remote: http://rubygems.org/
  remote: http://rubygems.org/
  specs:
    daemon-spawn (0.4.2)
    faraday (0.8.7)
      multipart-post (~> 1.1)
    faraday_middleware (0.9.0)
      faraday (>= 0.7.4, < 0.9)
    feed-normalizer (1.5.2)
      hpricot (>= 0.6)
      simple-rss (>= 1.1)
    flickraw (0.9.6)
    haml (4.0.2)
      tilt
    hashie (2.0.3)
    hpricot (0.8.6)
    instagram (0.10.0)
      faraday (>= 0.7, < 0.9)
      faraday_middleware (~> 0.8)
      hashie (>= 0.4.0)
      multi_json (~> 1.0, >= 1.0.3)
    mono_logger (1.0.1)
    multi_json (1.7.2)
    multipart-post (1.2.0)
    nokogiri (1.5.9)
    oauth (0.4.7)
    parallel (0.6.4)
    rack (1.5.2)
    rack-protection (1.5.0)
      rack
    rake (10.0.4)
    redis (3.0.4)
    redis-namespace (1.3.0)
      redis (~> 3.0.0)
    resque (1.24.1)
      mono_logger (~> 1.0)
      multi_json (~> 1.0)
      redis-namespace (~> 1.2)
      sinatra (>= 0.9.2)
      vegas (~> 0.1.2)
    sequel (3.46.0)
    simple-rss (1.2.3)
    simple_oauth (0.2.0)
    sinatra (1.3.0)
      rack (~> 1.3)
      rack-protection (~> 1.1)
      tilt (~> 1.3)
    sqlite3 (1.3.7)
    tilt (1.3.7)
    tumblife (1.5.0)
      faraday (~> 0.8.0)
      faraday_middleware (~> 0.9.0)
      hashie (~> 2.0.3)
      multi_json (~> 1.7.2)
      simple_oauth (~> 0.2.0)
    twitter (4.6.2)
      faraday (~> 0.8, < 0.10)
      multi_json (~> 1.0)
      simple_oauth (~> 0.2)
    vegas (0.1.11)
      rack (>= 1.0.0)
    warden (1.2.1)
      rack (>= 1.0)
    will_paginate (3.0.4)

PLATFORMS
  ruby

DEPENDENCIES
  daemon-spawn
  feed-normalizer
  flickraw
  haml
  instagram
  multi_json
  nokogiri
  oauth (= 0.4.7)
  parallel
  rake
  resque
  sequel
  sinatra (= 1.3.0)
  sqlite3
  tumblife
  twitter
  warden
  will_paginate
